PATH
  remote: .
  specs:
    etcutils (1.0.0)

GEM
  remote: https://rubygems.org/
  specs:
    rake (10.3.1)
    rake-compiler (0.9.2)
      rake

PLATFORMS
  ruby

DEPENDENCIES
  bundler
  etcutils!
  rake
  rake-compiler
